GEM
  remote: http://rubygems.org/
  specs:
    SystemTimer (1.2.3)
    addressable (2.2.7)
    crack (0.1.8)
    daemons (1.1.8)
    eventmachine (0.12.10)
    faraday (0.7.6)
      addressable (~> 2.2)
      multipart-post (~> 1.1)
      rack (~> 1.1)
    flattr (0.2.3)
      faraday
      multi_json
    foreman (0.40.0)
      term-ansicolor (~> 1.0.7)
      thor (>= 0.13.6)
    httparty (0.7.8)
      crack (= 0.1.8)
    json (1.6.5)
    multi_json (1.0.4)
    multipart-post (1.1.5)
    neography (0.0.22)
      httparty (~> 0.7.8)
      json
      os
      rake (>= 0.8.7)
      rubyzip
    os (0.9.5)
    qu (0.1.4)
      multi_json
    qu-redis (0.1.4)
      qu (= 0.1.4)
      redis-namespace
      simple_uuid
    rack (1.4.1)
    rack-protection (1.2.0)
      rack
    rake (0.9.2.2)
    redis (2.2.2)
    redis-namespace (1.1.0)
      redis (< 3.0.0)
    rubyzip (0.9.6.1)
    shotgun (0.9)
      rack (>= 1.0)
    simple_uuid (0.2.0)
    sinatra (1.3.2)
      rack (~> 1.3, >= 1.3.6)
      rack-protection (~> 1.2)
      tilt (~> 1.3, >= 1.3.3)
    term-ansicolor (1.0.7)
    thin (1.3.1)
      daemons (>= 1.0.9)
      eventmachine (>= 0.12.6)
      rack (>= 1.0.0)
    thor (0.14.6)
    tilt (1.3.3)

PLATFORMS
  ruby

DEPENDENCIES
  SystemTimer
  flattr
  foreman
  neography
  qu-redis
  shotgun
  sinatra
  thin
